GEM
  remote: https://rubygems.org/
  specs:
    byebug (11.1.3)
    chunky_png (1.4.0)

PLATFORMS
  x86_64-darwin-19

DEPENDENCIES
  byebug (= 11.1.3)
  chunky_png (~> 1.4.0)

BUNDLED WITH
   2.2.27
