GEM
  specs:
    byebug (11.1.3)
    chunky_png (1.4.0)
    ruby_matrix_to_svg (0.0.1)
    ruby_svg_image_generator (0.0.1)
      ruby_matrix_to_svg (~> 0.0.1)
    victor (0.3.3)

PLATFORMS
  x86_64-darwin-19

DEPENDENCIES
  byebug (= 11.1.3)
  chunky_png
  ruby_svg_image_generator
  victor

BUNDLED WITH
   2.2.27
